RESTRICTION: == net45
NUGET
  remote: https://www.nuget.org/api/v2
    Castle.Core (4.2.1)
    JetBrains.Annotations (11.1)
    Newtonsoft.Json (10.0.3)
    NLog (4.4.12)
    NLog.Config (4.4.12)
      NLog (>= 4.4.12)
      NLog.Schema (>= 4.4.12)
    NLog.Schema (4.4.12)
    NSubstitute (3.1)
      Castle.Core (>= 4.2)
      System.Threading.Tasks.Extensions (>= 4.3)
    NUnit (3.9)
    System.Collections (4.3)
    System.Runtime (4.3)
    System.Threading.Tasks (4.3)
    System.Threading.Tasks.Extensions (4.4)
      System.Collections (>= 4.3)
      System.Runtime (>= 4.3)
      System.Threading.Tasks (>= 4.3)
