RESTRICTION: == net45
NUGET
  remote: https://www.nuget.org/api/v2
    JetBrains.Annotations (10.4)
    Newtonsoft.Json (10.0.3)
    NLog (4.4.11)
    NLog.Config (4.4.11)
      NLog (>= 4.4.11)
      NLog.Schema (>= 4.4.11)
    NLog.Schema (4.4.11)
